GEM
  remote: https://rubygems.org/
  specs:
    bourbon (3.1.8)
      sass (>= 3.2.0)
      thor
    neat (1.6.0)
      bourbon (>= 3.1)
      sass (>= 3.3)
    sass (3.3.4)
    thor (0.19.1)

PLATFORMS
  ruby

DEPENDENCIES
  bourbon
  neat
  sass
